GIT
  remote: git://github.com/kaspernj/best_practice_project.git
  revision: 9c747dd3b66ee18010c6f5c839e05c36452d44ea
  specs:
    best_practice_project (0.0.9)
      auto_autoloader

GEM
  remote: http://rubygems.org/
  specs:
    ast (2.2.0)
    auto_autoloader (0.0.4)
      string-cases
    diff-lcs (1.1.3)
    git (1.2.5)
    jeweler (1.8.4)
      bundler (~> 1.0)
      git (>= 1.2.5)
      rake
      rdoc
    json (1.7.3)
    json (1.7.3-java)
    parser (2.3.0.2)
      ast (~> 2.2)
    powerpack (0.1.1)
    rainbow (2.1.0)
    rake (0.9.2.2)
    rdoc (3.12)
      json (~> 1.4)
    rspec (2.8.0)
      rspec-core (~> 2.8.0)
      rspec-expectations (~> 2.8.0)
      rspec-mocks (~> 2.8.0)
    rspec-core (2.8.0)
    rspec-expectations (2.8.0)
      diff-lcs (~> 1.1.2)
    rspec-mocks (2.8.0)
    rubocop (0.37.0)
      parser (>= 2.3.0.2, < 3.0)
      powerpack (~> 0.1)
      rainbow (>= 1.99.1, < 3.0)
      ruby-progressbar (~> 1.7)
      unicode-display_width (~> 0.3)
    ruby-progressbar (1.7.5)
    string-cases (0.0.4)
    unicode-display_width (0.3.1)

PLATFORMS
  java
  ruby

DEPENDENCIES
  best_practice_project!
  bundler (>= 1.0.0)
  jeweler (~> 1.8.3)
  rdoc (~> 3.12)
  rspec (~> 2.8.0)
  rubocop (= 0.37.0)

BUNDLED WITH
   1.11.2
